GIT
  remote: https://github.com/isawnyu/geocollider.git
  revision: 295af3b82ccc8ace4ad7af85077ba6e1b0b7284a
  specs:
    geocollider (0.0.0)
      highline
      i18n
      rgeo
      rgeo-geojson

GEM
  remote: https://rubygems.org/
  specs:
    activesupport (6.0.2)
      concurrent-ruby (~> 1.0, >= 1.0.2)
      i18n (>= 0.7, < 2)
      minitest (~> 5.1)
      tzinfo (~> 1.1)
      zeitwerk (~> 2.2)
    airbrake (9.5.5)
      airbrake-ruby (~> 4.8)
    airbrake-ruby (4.8.0)
      rbtree3 (~> 0.5)
    backports (3.15.0)
    coffee-script (2.4.1)
      coffee-script-source
      execjs
    coffee-script-source (1.12.2)
    concurrent-ruby (1.1.5)
    domain_name (0.5.20190701)
      unf (>= 0.0.5, < 1.0.0)
    execjs (2.7.0)
    ffi (1.10.0)
    haml (4.0.7)
      tilt
    highline (1.7.10)
    http-accept (1.7.0)
    http-cookie (1.0.3)
      domain_name (~> 0.5)
    i18n (1.7.0)
      concurrent-ruby (~> 1.0)
    mime-types (3.2.2)
      mime-types-data (~> 3.2015)
    mime-types-data (3.2019.0331)
    minitest (5.13.0)
    multi_json (1.13.1)
    mustermann (1.0.3)
    netrc (0.11.0)
    rack (2.0.7)
    rack-attack (6.2.1)
      rack (>= 1.0, < 3)
    rack-protection (2.0.7)
      rack
    rack-test (1.1.0)
      rack (>= 1.0, < 3)
    rake (13.0.1)
    rb-fsevent (0.10.3)
    rb-inotify (0.10.0)
      ffi (~> 1.0)
    rbtree3 (0.5.0)
    rest-client (2.1.0)
      http-accept (>= 1.7.0, < 2.0)
      http-cookie (>= 1.0.2, < 2.0)
      mime-types (>= 1.16, < 4.0)
      netrc (~> 0.8)
    rgeo (1.0.0)
    rgeo-geojson (2.0.0)
      rgeo (~> 1.0)
    sass (3.7.4)
      sass-listen (~> 4.0.0)
    sass-listen (4.0.0)
      rb-fsevent (~> 0.9, >= 0.9.4)
      rb-inotify (~> 0.9, >= 0.9.7)
    sinatra (2.0.7)
      mustermann (~> 1.0)
      rack (~> 2.0)
      rack-protection (= 2.0.7)
      tilt (~> 2.0)
    sinatra-contrib (2.0.7)
      backports (>= 2.8.2)
      multi_json
      mustermann (~> 1.0)
      rack-protection (= 2.0.7)
      sinatra (= 2.0.7)
      tilt (~> 2.0)
    sprockets (3.7.2)
      concurrent-ruby (~> 1.0)
      rack (> 1, < 3)
    sucker_punch (2.1.2)
      concurrent-ruby (~> 1.0)
    thread_safe (0.3.6)
    tilt (2.0.9)
    tzinfo (1.2.5)
      thread_safe (~> 0.1)
    uglifier (4.2.0)
      execjs (>= 0.3.0, < 3)
    unf (0.1.4)
      unf_ext
    unf_ext (0.0.7.6)
    zeitwerk (2.2.2)

PLATFORMS
  ruby

DEPENDENCIES
  activesupport (>= 3.0.0)
  airbrake
  coffee-script
  execjs
  geocollider!
  haml (~> 4.0)
  minitest
  rack-attack
  rack-test
  rake
  rest-client
  sass
  sinatra
  sinatra-contrib
  sprockets
  sucker_punch
  uglifier

BUNDLED WITH
   1.16.1
